GIT
  remote: https://github.com/stympy/faker.git
  revision: e8c4314a4347c6a530311b4a542c37a768ef1a59
  specs:
    faker (1.6.1)
      i18n (~> 0.5)

GEM
  remote: http://rubygems.org/
  specs:
    i18n (0.7.0)
    rack (1.6.4)
    rack-protection (1.5.3)
      rack
    sinatra (1.4.6)
      rack (~> 1.4)
      rack-protection (~> 1.4)
      tilt (>= 1.3, < 3)
    sinatra-cross_origin (0.3.2)
    tilt (2.0.1)

PLATFORMS
  ruby

DEPENDENCIES
  faker!
  sinatra
  sinatra-cross_origin

BUNDLED WITH
   1.10.6
